GEM
  remote: https://rubygems.org/
  specs:
    actioncable (7.0.6)
      actionpack (= 7.0.6)
      activesupport (= 7.0.6)
      nio4r (~> 2.0)
      websocket-driver (>= 0.6.1)
    actionmailbox (7.0.6)
      actionpack (= 7.0.6)
      activejob (= 7.0.6)
      activerecord (= 7.0.6)
      activestorage (= 7.0.6)
      activesupport (= 7.0.6)
      mail (>= 2.7.1)
      net-imap
      net-pop
      net-smtp
    actionmailer (7.0.6)
      actionpack (= 7.0.6)
      actionview (= 7.0.6)
      activejob (= 7.0.6)
      activesupport (= 7.0.6)
      mail (~> 2.5, >= 2.5.4)
      net-imap
      net-pop
      net-smtp
      rails-dom-testing (~> 2.0)
    actionpack (7.0.6)
      actionview (= 7.0.6)
      activesupport (= 7.0.6)
      rack (~> 2.0, >= 2.2.4)
      rack-test (>= 0.6.3)
      rails-dom-testing (~> 2.0)
      rails-html-sanitizer (~> 1.0, >= 1.2.0)
    actiontext (7.0.6)
      actionpack (= 7.0.6)
      activerecord (= 7.0.6)
      activestorage (= 7.0.6)
      activesupport (= 7.0.6)
      globalid (>= 0.6.0)
      nokogiri (>= 1.8.5)
    actionview (7.0.6)
      activesupport (= 7.0.6)
      builder (~> 3.1)
      erubi (~> 1.4)
      rails-dom-testing (~> 2.0)
      rails-html-sanitizer (~> 1.1, >= 1.2.0)
    activejob (7.0.6)
      activesupport (= 7.0.6)
      globalid (>= 0.3.6)
    activemodel (7.0.6)
      activesupport (= 7.0.6)
    activerecord (7.0.6)
      activemodel (= 7.0.6)
      activesupport (= 7.0.6)
    activestorage (7.0.6)
      actionpack (= 7.0.6)
      activejob (= 7.0.6)
      activerecord (= 7.0.6)
      activesupport (= 7.0.6)
      marcel (~> 1.0)
      mini_mime (>= 1.1.0)
    activesupport (7.0.6)
      concurrent-ruby (~> 1.0, >= 1.0.2)
      i18n (>= 1.6, < 2)
      minitest (>= 5.1)
      tzinfo (~> 2.0)
    addressable (2.8.4)
      public_suffix (>= 2.0.2, < 6.0)
    aws-eventstream (1.2.0)
    aws-partitions (1.782.0)
    aws-record (2.11.0)
      aws-sdk-dynamodb (~> 1, >= 1.85.0)
    aws-sdk-core (3.176.1)
      aws-eventstream (~> 1, >= 1.0.2)
      aws-partitions (~> 1, >= 1.651.0)
      aws-sigv4 (~> 1.5)
      jmespath (~> 1, >= 1.6.1)
    aws-sdk-dynamodb (1.90.0)
      aws-sdk-core (~> 3, >= 3.176.0)
      aws-sigv4 (~> 1.1)
    aws-sdk-kms (1.68.0)
      aws-sdk-core (~> 3, >= 3.176.0)
      aws-sigv4 (~> 1.1)
    aws-sdk-rails (3.8.0)
      aws-record (~> 2)
      aws-sdk-ses (~> 1, >= 1.50.0)
      aws-sdk-sesv2 (~> 1, >= 1.34.0)
      aws-sdk-sqs (~> 1, >= 1.56.0)
      aws-sessionstore-dynamodb (~> 2)
      concurrent-ruby (~> 1)
      railties (>= 5.2.0)
    aws-sdk-s3 (1.127.0)
      aws-sdk-core (~> 3, >= 3.176.0)
      aws-sdk-kms (~> 1)
      aws-sigv4 (~> 1.6)
    aws-sdk-ses (1.52.0)
      aws-sdk-core (~> 3, >= 3.176.0)
      aws-sigv4 (~> 1.1)
    aws-sdk-sesv2 (1.36.0)
      aws-sdk-core (~> 3, >= 3.176.0)
      aws-sigv4 (~> 1.1)
    aws-sdk-sqs (1.59.0)
      aws-sdk-core (~> 3, >= 3.176.0)
      aws-sigv4 (~> 1.1)
    aws-sessionstore-dynamodb (2.1.0)
      aws-sdk-dynamodb (~> 1, >= 1.85.0)
      rack (~> 2)
    aws-sigv4 (1.6.0)
      aws-eventstream (~> 1, >= 1.0.2)
    bcrypt (3.1.19)
    bootsnap (1.16.0)
      msgpack (~> 1.2)
    builder (3.2.4)
    byebug (11.1.3)
    coderay (1.1.3)
    concurrent-ruby (1.2.2)
    connection_pool (2.4.1)
    crass (1.0.6)
    date (3.3.3)
    debug (1.8.0)
      irb (>= 1.5.0)
      reline (>= 0.3.1)
    diff-lcs (1.5.0)
    erubi (1.12.0)
    factory_bot (6.2.1)
      activesupport (>= 5.0.0)
    factory_bot_rails (6.2.0)
      factory_bot (~> 6.2.0)
      railties (>= 5.0.0)
    faraday (2.7.9)
      faraday-net_http (>= 2.0, < 3.1)
      ruby2_keywords (>= 0.0.4)
    faraday-net_http (3.0.2)
    globalid (1.1.0)
      activesupport (>= 5.0)
    i18n (1.14.1)
      concurrent-ruby (~> 1.0)
    io-console (0.6.0)
    irb (1.7.0)
      reline (>= 0.3.0)
    jmespath (1.6.2)
    launchy (2.5.2)
      addressable (~> 2.8)
    letter_opener (1.8.1)
      launchy (>= 2.2, < 3)
    letter_opener_web (2.0.0)
      actionmailer (>= 5.2)
      letter_opener (~> 1.7)
      railties (>= 5.2)
      rexml
    line-bot-api (1.28.0)
    loofah (2.21.3)
      crass (~> 1.0.2)
      nokogiri (>= 1.12.0)
    mail (2.8.1)
      mini_mime (>= 0.1.1)
      net-imap
      net-pop
      net-smtp
    marcel (1.0.2)
    method_source (1.0.0)
    mini_mime (1.1.2)
    minitest (5.18.1)
    msgpack (1.7.1)
    net-imap (0.3.6)
      date
      net-protocol
    net-pop (0.1.2)
      net-protocol
    net-protocol (0.2.1)
      timeout
    net-smtp (0.3.3)
      net-protocol
    nio4r (2.5.9)
    nokogiri (1.15.2-x86_64-linux)
      racc (~> 1.4)
    pg (1.5.3)
    pkg-config (1.5.2)
    pry (0.14.2)
      coderay (~> 1.1)
      method_source (~> 1.0)
    pry-byebug (3.10.1)
      byebug (~> 11.0)
      pry (>= 0.13, < 0.15)
    pry-rails (0.3.9)
      pry (>= 0.10.4)
    public_suffix (5.0.1)
    puma (5.6.6)
      nio4r (~> 2.0)
    racc (1.7.1)
    rack (2.2.7)
    rack-cors (2.0.1)
      rack (>= 2.0.0)
    rack-test (2.1.0)
      rack (>= 1.3)
    rails (7.0.6)
      actioncable (= 7.0.6)
      actionmailbox (= 7.0.6)
      actionmailer (= 7.0.6)
      actionpack (= 7.0.6)
      actiontext (= 7.0.6)
      actionview (= 7.0.6)
      activejob (= 7.0.6)
      activemodel (= 7.0.6)
      activerecord (= 7.0.6)
      activestorage (= 7.0.6)
      activesupport (= 7.0.6)
      bundler (>= 1.15.0)
      railties (= 7.0.6)
    rails-dom-testing (2.1.1)
      activesupport (>= 5.0.0)
      minitest
      nokogiri (>= 1.6)
    rails-html-sanitizer (1.6.0)
      loofah (~> 2.21)
      nokogiri (~> 1.14)
    railties (7.0.6)
      actionpack (= 7.0.6)
      activesupport (= 7.0.6)
      method_source
      rake (>= 12.2)
      thor (~> 1.0)
      zeitwerk (~> 2.5)
    rake (13.0.6)
    redis (5.0.6)
      redis-client (>= 0.9.0)
    redis-actionpack (5.3.0)
      actionpack (>= 5, < 8)
      redis-rack (>= 2.1.0, < 3)
      redis-store (>= 1.1.0, < 2)
    redis-client (0.14.1)
      connection_pool
    redis-rack (2.1.4)
      rack (>= 2.0.8, < 3)
      redis-store (>= 1.2, < 2)
    redis-store (1.9.2)
      redis (>= 4, < 6)
    reline (0.3.5)
      io-console (~> 0.5)
    rexml (3.2.5)
    rmagick (5.2.0)
      pkg-config (~> 1.4)
    rspec-core (3.12.2)
      rspec-support (~> 3.12.0)
    rspec-expectations (3.12.3)
      diff-lcs (>= 1.2.0, < 2.0)
      rspec-support (~> 3.12.0)
    rspec-mocks (3.12.5)
      diff-lcs (>= 1.2.0, < 2.0)
      rspec-support (~> 3.12.0)
    rspec-rails (6.0.3)
      actionpack (>= 6.1)
      activesupport (>= 6.1)
      railties (>= 6.1)
      rspec-core (~> 3.12)
      rspec-expectations (~> 3.12)
      rspec-mocks (~> 3.12)
      rspec-support (~> 3.12)
    rspec-support (3.12.1)
    ruby2_keywords (0.0.5)
    stripe (8.5.0)
    thor (1.2.2)
    timeout (0.4.0)
    tzinfo (2.0.6)
      concurrent-ruby (~> 1.0)
    websocket-driver (0.7.5)
      websocket-extensions (>= 0.1.0)
    websocket-extensions (0.1.5)
    zeitwerk (2.6.8)

PLATFORMS
  x86_64-linux

DEPENDENCIES
  aws-sdk-rails
  aws-sdk-s3
  bcrypt (~> 3.1.7)
  bootsnap
  debug
  factory_bot_rails
  faraday
  letter_opener_web
  line-bot-api
  nokogiri
  pg (~> 1.1)
  pry-byebug
  pry-rails
  puma (~> 5.0)
  rack-cors
  rails (~> 7.0.3)
  redis
  redis-actionpack
  rmagick
  rspec-rails
  stripe
  tzinfo-data

RUBY VERSION
   ruby 3.1.0p0

BUNDLED WITH
   2.3.14
